GEM
  remote: http://rubygems.org/
  specs:
    actionmailer (4.2.10)
      actionpack (= 4.2.10)
      actionview (= 4.2.10)
      activejob (= 4.2.10)
      mail (~> 2.5, >= 2.5.4)
      rails-dom-testing (~> 1.0, >= 1.0.5)
    actionpack (4.2.10)
      actionview (= 4.2.10)
      activesupport (= 4.2.10)
      rack (~> 1.6)
      rack-test (~> 0.6.2)
      rails-dom-testing (~> 1.0, >= 1.0.5)
      rails-html-sanitizer (~> 1.0, >= 1.0.2)
    actionview (4.2.10)
      activesupport (= 4.2.10)
      builder (~> 3.1)
      erubis (~> 2.7.0)
      rails-dom-testing (~> 1.0, >= 1.0.5)
      rails-html-sanitizer (~> 1.0, >= 1.0.3)
    activejob (4.2.10)
      activesupport (= 4.2.10)
      globalid (>= 0.3.0)
    activemodel (4.2.10)
      activesupport (= 4.2.10)
      builder (~> 3.1)
    activerecord (4.2.10)
      activemodel (= 4.2.10)
      activesupport (= 4.2.10)
      arel (~> 6.0)
    activerecord-mysql-adapter (0.0.1)
      activerecord (>= 3.2.9)
      activesupport (>= 3.2.9)
      mysql (>= 2.9.0)
    activerecord-oracle_enhanced-adapter (1.6.0)
    activeresource (4.1.0)
      activemodel (~> 4.0)
      activesupport (~> 4.0)
      rails-observers (~> 0.1.2)
    activesupport (4.2.10)
      i18n (~> 0.7)
      minitest (~> 5.1)
      thread_safe (~> 0.3, >= 0.3.4)
      tzinfo (~> 1.1)
    airbrussh (1.3.1)
      sshkit (>= 1.6.1, != 1.7.0)
    arel (6.0.4)
    binding_of_caller (0.8.0)
      debug_inspector (>= 0.0.1)
    builder (3.2.3)
    byebug (10.0.2)
    calendar_date_select (2.1.2)
      rails (>= 3.1)
    capistrano (3.10.1)
      airbrussh (>= 1.0.0)
      i18n
      rake (>= 10.0.0)
      sshkit (>= 1.9.0)
    capistrano-bundler (1.4.0)
      capistrano (~> 3.1)
      sshkit (~> 1.2)
    capistrano-rails (1.4.0)
      capistrano (~> 3.1)
      capistrano-bundler (~> 1.1)
    capistrano-rbenv (2.1.4)
      capistrano (~> 3.1)
      sshkit (~> 1.3)
    chronic (0.10.2)
    coderay (1.1.2)
    coffee-filter (0.1.3)
      coffee-script (>= 2.2.0)
      haml (< 4.0)
    coffee-rails (4.0.1)
      coffee-script (>= 2.2.0)
      railties (>= 4.0.0, < 5.0)
    coffee-script (2.4.1)
      coffee-script-source
      execjs
    coffee-script-source (1.12.2)
    commonjs (0.2.7)
    concurrent-ruby (1.1.2)
    crass (1.0.4)
    dalli (2.7.9)
    debug_inspector (0.0.3)
    erubis (2.7.0)
    execjs (2.7.0)
    globalid (0.4.1)
      activesupport (>= 4.2.0)
    haml (3.1.8)
    hike (1.2.3)
    i18n (0.9.5)
      concurrent-ruby (~> 1.0)
    icalendar (2.5.1)
      ice_cube (~> 0.16)
    ice_cube (0.16.3)
    jquery-rails (4.3.3)
      rails-dom-testing (>= 1, < 3)
      railties (>= 4.2.0)
      thor (>= 0.14, < 2.0)
    jquery-ui-rails (6.0.1)
      railties (>= 3.2.16)
    less (2.2.2)
      commonjs (~> 0.2.6)
    less-rails (2.2.6)
      actionpack (>= 3.1)
      less (~> 2.2.0)
    less-rails-bootstrap (2.0.13)
      less-rails (~> 2.2.0)
    libv8 (3.16.14.19)
    loofah (2.2.3)
      crass (~> 1.0.2)
      nokogiri (>= 1.5.9)
    mail (2.7.1)
      mini_mime (>= 0.1.1)
    memcache-client (1.8.5)
    method_source (0.9.1)
    mini_mime (1.0.1)
    mini_portile2 (2.3.0)
    minitest (5.11.3)
    multi_json (1.13.1)
    mysql (2.9.1)
    mysql2 (0.3.21)
    net-scp (1.2.1)
      net-ssh (>= 2.6.5)
    net-ssh (5.0.2)
    nokogiri (1.8.5)
      mini_portile2 (~> 2.3.0)
    protected_attributes (1.0.5)
      activemodel (>= 4.0.1, < 5.0)
    pry (0.12.0)
      coderay (~> 1.1.0)
      method_source (~> 0.9.0)
    pry-byebug (3.6.0)
      byebug (~> 10.0)
      pry (~> 0.10)
    pry-remote (0.1.8)
      pry (~> 0.9)
      slop (~> 3.0)
    pry-stack_explorer (0.4.9.3)
      binding_of_caller (>= 0.7)
      pry (>= 0.9.11)
    rack (1.6.11)
    rack-test (0.6.3)
      rack (>= 1.0)
    rails (4.2.10)
      actionmailer (= 4.2.10)
      actionpack (= 4.2.10)
      actionview (= 4.2.10)
      activejob (= 4.2.10)
      activemodel (= 4.2.10)
      activerecord (= 4.2.10)
      activesupport (= 4.2.10)
      bundler (>= 1.3.0, < 2.0)
      railties (= 4.2.10)
      sprockets-rails
    rails-deprecated_sanitizer (1.0.3)
      activesupport (>= 4.2.0.alpha)
    rails-dom-testing (1.0.9)
      activesupport (>= 4.2.0, < 5.0)
      nokogiri (~> 1.6)
      rails-deprecated_sanitizer (>= 1.0.1)
    rails-html-sanitizer (1.0.4)
      loofah (~> 2.2, >= 2.2.2)
    rails-latex (2.3.0)
      rails (>= 3.0.0, < 6)
    rails-observers (0.1.5)
      activemodel (>= 4.0)
    rails-settings (1.0.0)
    rails_autolink (1.1.6)
      rails (> 3.1)
    railties (4.2.10)
      actionpack (= 4.2.10)
      activesupport (= 4.2.10)
      rake (>= 0.8.7)
      thor (>= 0.18.1, < 2.0)
    rake (12.3.1)
    ref (2.0.0)
    responders (2.4.0)
      actionpack (>= 4.2.0, < 5.3)
      railties (>= 4.2.0, < 5.3)
    ruby-oci8 (2.2.5.1)
    scoped_search (4.1.5)
      activerecord (>= 4.2.0)
    slop (3.6.0)
    sprockets (2.12.5)
      hike (~> 1.2)
      multi_json (~> 1.0)
      rack (~> 1.0)
      tilt (~> 1.1, != 1.3.0)
    sprockets-rails (2.3.3)
      actionpack (>= 3.0)
      activesupport (>= 3.0)
      sprockets (>= 2.8, < 4.0)
    sqlite3 (1.3.13)
    sshkit (1.18.0)
      net-scp (>= 1.1.2)
      net-ssh (>= 2.8.0)
    symbolize (4.5.2)
      activemodel (>= 3.2, < 5)
      activesupport (>= 3.2, < 5)
      i18n
    therubyracer (0.12.3)
      libv8 (~> 3.16.14.15)
      ref
    thor (0.20.0)
    thread_safe (0.3.6)
    tilt (1.4.1)
    tzinfo (1.2.5)
      thread_safe (~> 0.1)
    uglifier (4.1.19)
      execjs (>= 0.3.0, < 3)
    whenever (0.10.0)
      chronic (>= 0.6.3)
    yui-compressor (0.12.0)

PLATFORMS
  ruby

DEPENDENCIES
  activerecord-jdbcmysql-adapter
  activerecord-mysql-adapter
  activerecord-oracle_enhanced-adapter (= 1.6.0)
  activeresource
  calendar_date_select
  capistrano (= 3.10.1)
  capistrano-rails
  capistrano-rbenv
  coffee-filter (= 0.1.3)
  coffee-rails (~> 4.0.0)
  dalli
  haml
  icalendar
  jquery-rails
  jquery-ui-rails
  less-rails
  less-rails-bootstrap (= 2.0.13)
  memcache-client
  mysql2 (= 0.3.21)
  nokogiri (~> 1.8.1)
  protected_attributes (= 1.0.5)
  pry
  pry-byebug
  pry-remote
  pry-stack_explorer
  rails (~> 4.2.0)
  rails-latex
  rails-settings
  rails_autolink
  responders (~> 2.0)
  ruby-oci8 (= 2.2.5.1)
  scoped_search
  sprockets (= 2.12.5)
  sprockets-rails (= 2.3.3)
  sqlite3
  symbolize
  therubyracer
  therubyrhino
  trinidad
  uglifier
  whenever
  yui-compressor

BUNDLED WITH
   1.16.0
